GEM
  remote: http://rubygems.org/
  specs:
    awesome_print (1.7.0)

PLATFORMS
  ruby

DEPENDENCIES
  awesome_print (~> 1.6)

BUNDLED WITH
   1.13.0
